GIT
  remote: git://github.com/hanklords/flickraw.git
  revision: d2eec95b9b22bd98dc2c0ab745bff9d33f668b8e
  specs:
    flickraw (0.8.4)
      json (>= 1.1.1)

GIT
  remote: git://github.com/sinatra/sinatra.git
  revision: aad6efa91b5c57376d0a2d5d46b29ec01a63ddcd
  specs:
    sinatra (1.3.0)
      rack (~> 1.2)
      tilt (>= 1.2.2, < 2.0)

GEM
  remote: http://rubygems.org/
  specs:
    haml (3.0.25)
    htmlentities (4.3.0)
    json (1.5.1)
    rack (1.2.2)
    tilt (1.2.2)

PLATFORMS
  ruby

DEPENDENCIES
  bundler
  flickraw!
  haml
  htmlentities
  sinatra!
